GEM
  remote: http://rubygems.org/
  specs:
    backports (1.18.2)
    blankslate (2.1.2.3)
    diff-lcs (1.1.2)
    fuubar (0.0.3)
      rspec (~> 2.0)
      rspec-instafail (~> 0.1.4)
      ruby-progressbar (~> 0.0.9)
    parslet (1.1.1)
      blankslate (~> 2.0)
    rspec (2.4.0)
      rspec-core (~> 2.4.0)
      rspec-expectations (~> 2.4.0)
      rspec-mocks (~> 2.4.0)
    rspec-core (2.4.0)
    rspec-expectations (2.4.0)
      diff-lcs (~> 1.1.2)
    rspec-instafail (0.1.5)
    rspec-mocks (2.4.0)
    ruby-progressbar (0.0.9)

PLATFORMS
  ruby

DEPENDENCIES
  backports
  fuubar
  parslet (~> 1.1)
  rspec
