GEM
  specs:
    backports (1.18.2)
    blankslate (2.1.2.3)
    diff-lcs (1.1.2)
    fuubar (0.0.3)
      rspec (~> 2.0)
      rspec-instafail (~> 0.1.4)
      ruby-progressbar (~> 0.0.9)
    method_source (0.2.0)
    parslet (1.1.1)
      blankslate (~> 2.0)
    pry (0.4.6)
      method_source (>= 0.2.0)
      ruby_parser (>= 2.0.5)
    rspec (2.4.0)
      rspec-core (~> 2.4.0)
      rspec-expectations (~> 2.4.0)
      rspec-mocks (~> 2.4.0)
    rspec-core (2.4.0)
    rspec-expectations (2.4.0)
      diff-lcs (~> 1.1.2)
    rspec-instafail (0.1.5)
    rspec-mocks (2.4.0)
    ruby-progressbar (0.0.9)
    ruby_parser (2.0.5)
      sexp_processor (~> 3.0)
    sexp_processor (3.0.5)

PLATFORMS
  ruby

DEPENDENCIES
  backports
  fuubar
  parslet (~> 1.1)
  pry
  rspec
